GEM
  remote: https://rubygems.org/
  specs:
    highline (2.0.3)

PLATFORMS
  x86_64-darwin-19

DEPENDENCIES
  highline

BUNDLED WITH
   2.2.31
